GEM
  remote: http://gemcutter.org/
  specs:
    RedCloth (4.2.9)
    aasm (3.0.0)
      activerecord
    actionmailer (2.3.8)
      actionpack (= 2.3.8)
    actionpack (2.3.8)
      activesupport (= 2.3.8)
      rack (~> 1.1.0)
    activerecord (2.3.8)
      activesupport (= 2.3.8)
    activeresource (2.3.8)
      activesupport (= 2.3.8)
    activesupport (2.3.8)
    acts_as_list (0.1.4)
    aws-s3 (0.6.2)
      builder
      mime-types
      xml-simple
    builder (3.0.0)
    chronic (0.6.6)
    composite_primary_keys (2.3.5.1)
      activerecord (>= 2.3.5)
    desert (0.5.4)
    dynamic_attributes (1.2.0)
    google-geocode (1.2.1)
      hoe (>= 1.1.4)
      rc-rest (>= 2.0.0)
    haml (3.1.4)
    hoe (2.4.0)
      rake (>= 0.8.7)
      rubyforge (>= 2.0.3)
    hoptoad_notifier (2.4.11)
      activesupport
      builder
    httparty (0.8.1)
      multi_json
      multi_xml
    i18n (0.4.0)
    ice_cube (0.6.14)
    jackdempsey-acts_as_commentable (2.0.1)
    json_pure (1.6.3)
    linkingpaths-acts_as_abusable (0.0.2)
    mbleigh-acts-as-taggable-on (1.0.5)
    mime-types (1.17.2)
    mislav-will_paginate (2.3.11)
    mreinsch-acts_as_rateable (2.0.1)
    multi_json (1.0.4)
    multi_xml (0.4.1)
    mysql (2.8.1)
    mysql2 (0.2.6)
    net-http-persistent (1.9)
    newgem (1.5.3)
      RedCloth (>= 4.1.1)
      activesupport (~> 2.3.4)
      hoe (>= 2.4.0)
      rubigen (>= 1.5.3)
      syntax (>= 1.0.0)
    newrelic_rpm (3.3.0)
    nokogiri (1.5.0)
    oauth (0.4.5)
    pdfkit (0.5.2)
    pg (0.8.0)
    rack (1.1.2)
    rails (2.3.8)
      actionmailer (= 2.3.8)
      actionpack (= 2.3.8)
      activerecord (= 2.3.8)
      activeresource (= 2.3.8)
      activesupport (= 2.3.8)
      rake (>= 0.8.3)
    rake (0.8.7)
    rc-rest (4.0)
      net-http-persistent (~> 1.0)
      nokogiri (>= 1.3.1)
    redhillonrails_core (1.2.0)
      activerecord (>= 2)
    rest-client (1.6.7)
      mime-types (>= 1.16)
    right_aws (3.0.0)
      right_http_connection (>= 1.2.5)
    right_http_connection (1.3.0)
    rubigen (1.5.6)
      activesupport (>= 2.3.5)
      i18n
    rubyforge (2.0.4)
      json_pure (>= 1.1.7)
    rubyist-aasm (2.1.1)
    rubyzip (0.9.5)
    syntax (1.0.0)
    thoughtbot-factory_girl (1.2.2)
    tiny_mce (0.1.8)
    tog-tog (0.5.4)
      RedCloth (>= 3.0.4)
      desert (>= 0.5.2)
      mislav-will_paginate (>= 2.3.2)
      newgem (>= 1.0.3)
      oauth (>= 0.2.7)
      rubigen (>= 1.3.2)
      rubyzip (>= 0.9.1)
    xml-simple (1.1.1)

PLATFORMS
  ruby

DEPENDENCIES
  RedCloth (>= 4.2.0)
  aasm
  acts_as_list (~> 0.1)
  aws-s3
  chronic
  composite_primary_keys (~> 2.3.5)
  desert (>= 0.5.2)
  dynamic_attributes
  google-geocode (~> 1.2.1)
  haml
  hoe (= 2.4.0)
  hoptoad_notifier
  httparty
  i18n (= 0.4.0)
  ice_cube
  jackdempsey-acts_as_commentable (= 2.0.1)
  linkingpaths-acts_as_abusable (= 0.0.2)
  mbleigh-acts-as-taggable-on (= 1.0.5)
  mislav-will_paginate (~> 2.3.6)
  mreinsch-acts_as_rateable (= 2.0.1)
  mysql (= 2.8.1)
  mysql2 (= 0.2.6)
  newrelic_rpm
  oauth (>= 0.3.5)
  pdfkit
  pg (= 0.8.0)
  rails (= 2.3.8)
  rake (= 0.8.7)
  redhillonrails_core
  rest-client
  right_aws
  rubyist-aasm (~> 2.1.1)
  syntax (>= 1.0.0)
  thoughtbot-factory_girl
  tiny_mce
  tog-tog (>= 0.5)
